GEM
  remote: http://rubygems.org/
  specs:
    mail (2.6.6)
      mime-types (>= 1.16, < 4)
    mime-types (3.1)
      mime-types-data (~> 3.2015)
    mime-types-data (3.2016.0521)
    pony (1.11)
      mail (>= 2.0)
    require_all (1.4.0)

PLATFORMS
  x64-mingw32

DEPENDENCIES
  mail
  pony
  require_all

BUNDLED WITH
   1.15.3
